GEM
  remote: https://rubygems.org/
  specs:
    awesome_print (1.9.2)
    cgi (0.3.1)
    erb (2.2.3)
      cgi
    fileutils (1.6.0)
    json (2.6.1)
    optimist (3.0.1)
    paint (2.2.1)
    ruby-progressbar (1.11.0)
    tilt (2.0.10)

PLATFORMS
  x86_64-darwin-21

DEPENDENCIES
  awesome_print
  erb
  fileutils
  json
  optimist
  paint
  ruby-progressbar
  tilt

BUNDLED WITH
   2.3.4
