GEM
  remote: https://rubygems.org/
  specs:
    awesome_print (1.9.2)
    bytesize (0.1.2)
    cgi (0.3.2)
    erb (2.2.3)
      cgi
    fileutils (1.6.0)
    json (2.6.1)
    optimist (3.0.1)
    paint (2.2.1)
    ruby-progressbar (1.11.0)
    terminal-table (3.0.2)
      unicode-display_width (>= 1.1.1, < 3)
    tilt (2.0.10)
    unicode-display_width (2.1.0)

PLATFORMS
  x86_64-darwin-21

DEPENDENCIES
  awesome_print
  bytesize
  erb
  fileutils
  json
  optimist
  paint
  ruby-progressbar
  terminal-table
  tilt

BUNDLED WITH
   2.3.11
